GEM
  remote: http://rubygems.org/
  specs:
    ffi (1.9.8)
    json (1.8.2)
    libusb (0.5.0)
      ffi (>= 1.0)
    pusher-client (0.6.0)
      json
      websocket (~> 1.0)
    websocket (1.2.2)

PLATFORMS
  ruby

DEPENDENCIES
  libusb
  pusher-client
